PATH
  remote: .
  specs:
    kikambii (0.0.1)

GEM
  remote: https://rubygems.org/
  remote: http://geminabox.ir7.com.br/
  specs:
    builder (3.1.4)
    coderay (1.0.8)
    diff-lcs (1.1.3)
    geminabox (0.8.0)
      builder
      httpclient
      sinatra
    guard (1.5.4)
      listen (>= 0.4.2)
      lumberjack (>= 1.0.2)
      pry (>= 0.9.10)
      thor (>= 0.14.6)
    guard-rspec (2.3.1)
      guard (>= 1.1)
      rspec (~> 2.11)
    httpclient (2.3.0.1)
    listen (0.6.0)
    lumberjack (1.0.2)
    method_source (0.8.1)
    pry (0.9.10)
      coderay (~> 1.0.5)
      method_source (~> 0.8)
      slop (~> 3.3.1)
    rack (1.4.1)
    rack-protection (1.3.2)
      rack
    rake (10.0.3)
    rspec (2.12.0)
      rspec-core (~> 2.12.0)
      rspec-expectations (~> 2.12.0)
      rspec-mocks (~> 2.12.0)
    rspec-core (2.12.1)
    rspec-expectations (2.12.0)
      diff-lcs (~> 1.1.3)
    rspec-mocks (2.12.0)
    sinatra (1.3.3)
      rack (~> 1.3, >= 1.3.6)
      rack-protection (~> 1.2)
      tilt (~> 1.3, >= 1.3.3)
    slop (3.3.3)
    thor (0.16.0)
    tilt (1.3.3)
    toleman (4.3.1)
      geminabox
      rake

PLATFORMS
  ruby

DEPENDENCIES
  guard-rspec
  kikambii!
  rake
  rspec
  toleman
